PATH
  remote: .
  specs:
    stripemetrics-cli (0.0.1)
      gli (= 2.5.6)

GEM
  remote: http://rubygems.org/
  specs:
    aruba (0.5.1)
      childprocess (~> 0.3.6)
      cucumber (>= 1.1.1)
      rspec-expectations (>= 2.7.0)
    builder (3.2.0)
    childprocess (0.3.9)
      ffi (~> 1.0, >= 1.0.11)
    cucumber (1.2.3)
      builder (>= 2.1.2)
      diff-lcs (>= 1.1.3)
      gherkin (~> 2.11.6)
      multi_json (~> 1.3)
    diff-lcs (1.2.2)
    ffi (1.6.0)
    gherkin (2.11.6)
      json (>= 1.7.6)
    gli (2.5.6)
    json (1.7.7)
    multi_json (1.7.2)
    rake (10.0.3)
    rdoc (4.0.1)
      json (~> 1.4)
    rspec-expectations (2.13.0)
      diff-lcs (>= 1.1.3, < 2.0)

PLATFORMS
  ruby

DEPENDENCIES
  aruba
  rake
  rdoc
  stripemetrics-cli!
