PATH
  remote: .
  specs:
    stripemetrics-cli (0.0.1)
      faraday_middleware (~> 0.6)
      gli (= 2.5.6)
      highline (= 1.6.15)
      netrc (= 0.7.7)

GEM
  remote: https://rubygems.org/
  specs:
    addressable (2.3.3)
    aruba (0.5.1)
      childprocess (~> 0.3.6)
      cucumber (>= 1.1.1)
      rspec-expectations (>= 2.7.0)
    builder (3.2.0)
    childprocess (0.3.9)
      ffi (~> 1.0, >= 1.0.11)
    crack (0.3.2)
    cucumber (1.2.3)
      builder (>= 2.1.2)
      diff-lcs (>= 1.1.3)
      gherkin (~> 2.11.6)
      multi_json (~> 1.3)
    diff-lcs (1.2.2)
    fakefs (0.4.2)
    faraday (0.8.7)
      multipart-post (~> 1.1)
    faraday_middleware (0.9.0)
      faraday (>= 0.7.4, < 0.9)
    ffi (1.6.0)
    gherkin (2.11.6)
      json (>= 1.7.6)
    gli (2.5.6)
    highline (1.6.15)
    json (1.7.7)
    multi_json (1.7.2)
    multipart-post (1.2.0)
    netrc (0.7.7)
    rake (10.0.3)
    rdoc (4.0.1)
      json (~> 1.4)
    rspec (2.13.0)
      rspec-core (~> 2.13.0)
      rspec-expectations (~> 2.13.0)
      rspec-mocks (~> 2.13.0)
    rspec-core (2.13.1)
    rspec-expectations (2.13.0)
      diff-lcs (>= 1.1.3, < 2.0)
    rspec-mocks (2.13.1)
    webmock (1.11.0)
      addressable (>= 2.2.7)
      crack (>= 0.3.2)

PLATFORMS
  ruby

DEPENDENCIES
  aruba
  fakefs
  rake
  rdoc
  rspec (~> 2.6)
  stripemetrics-cli!
  webmock (~> 1.6)
